GEM
  remote: https://rubygems.org/
  specs:
    OptionParser (0.5.1)
    byebug (9.0.5)
    chunky_png (1.3.5)
    concurrent-ruby (1.0.2)
    connection_pool (2.2.0)
    dcm2nii-ruby (0.0.1)
    dicom (0.9.6)
    dotenv (2.0.2)
    fileutils (0.7)
      rmagick (>= 2.13.1)
    fsl-ruby (0.0.1)
    gnuplot (2.6.2)
    mail (2.6.4)
      mime-types (>= 1.16, < 4)
    mime-types (3.1)
      mime-types-data (~> 3.2015)
    mime-types-data (3.2016.0521)
    narray (0.6.1.2)
    nifti (0.0.2)
    pdf-core (0.6.1)
    pony (1.11)
      mail (>= 2.0)
    prawn (2.1.0)
      pdf-core (~> 0.6.1)
      ttfunk (~> 1.4.0)
    prawn-table (0.2.1)
    rack (1.6.4)
    rack-protection (1.5.3)
      rack
    redis (3.3.0)
    rmagick (2.15.4)
    rubyzip (1.2.0)
    sidekiq (4.1.2)
      concurrent-ruby (~> 1.0)
      connection_pool (~> 2.2, >= 2.2.0)
      redis (~> 3.2, >= 3.2.1)
    sinatra (1.4.7)
      rack (~> 1.5)
      rack-protection (~> 1.4)
      tilt (>= 1.3, < 3)
    sinatra-flash (0.3.0)
      sinatra (>= 1.0.0)
    sinatra-strong-params (0.0.2)
      sinatra (>= 1.4.0)
    tilt (2.0.5)
    ttfunk (1.4.0)

PLATFORMS
  ruby

DEPENDENCIES
  OptionParser
  byebug
  chunky_png
  dcm2nii-ruby
  dicom
  dotenv
  fileutils
  fsl-ruby
  gnuplot
  narray
  nifti
  pony
  prawn
  prawn-table (= 0.2.1)
  rubyzip
  sidekiq
  sinatra
  sinatra-flash
  sinatra-strong-params

BUNDLED WITH
   1.12.5
